GEM
  remote: https://rubygems.org/
  specs:
    polars-df (0.6.0-arm64-darwin)
    terminal-table (3.0.2)
      unicode-display_width (>= 1.1.1, < 3)
    unicode-display_width (2.4.2)

PLATFORMS
  arm64-darwin-21

DEPENDENCIES
  polars-df
  terminal-table

BUNDLED WITH
   2.4.18
